GEM
  remote: https://rubygems.org/
  specs:
    activesupport (3.2.12)
      i18n (~> 0.6)
      multi_json (~> 1.0)
    akami (1.2.0)
      gyoku (>= 0.4.0)
      nokogiri (>= 1.4.0)
    awesome_print (1.1.0)
    builder (3.2.0)
    gyoku (0.4.6)
      builder (>= 2.1.2)
    hashie (1.2.0)
    httpi (1.1.1)
      rack
    i18n (0.6.4)
    listen (0.6.0)
    metaforce (1.0.6)
      activesupport
      hashie (~> 1.2.0)
      listen (~> 0.6.0)
      rb-fsevent (~> 0.9.1)
      rubyzip (~> 0.9.9)
      savon (~> 1.2.0)
      thor (~> 0.16.0)
    multi_json (1.6.1)
    nokogiri (1.5.6)
    nori (1.1.5)
    rack (1.5.2)
    rb-fsevent (0.9.3)
    rubyzip (0.9.9)
    savon (1.2.0)
      akami (~> 1.2.0)
      builder (>= 2.1.2)
      gyoku (~> 0.4.5)
      httpi (~> 1.1.0)
      nokogiri (>= 1.4.0)
      nori (~> 1.1.0)
      wasabi (~> 2.5.0)
    thor (0.16.0)
    wasabi (2.5.1)
      httpi (~> 1.0)
      nokogiri (>= 1.4.0)

PLATFORMS
  ruby

DEPENDENCIES
  awesome_print
  metaforce
